GEM
  remote: https://rubygems.org/
  specs:
    chunky_png (1.2.8)
    compass (0.13.alpha.4)
      chunky_png (~> 1.2)
      listen (<= 0.9.9)
      sass (~> 3.2.5)
    dotenv (0.8.0)
    foreman (0.63.0)
      dotenv (>= 0.7)
      thor (>= 0.13.6)
    listen (0.7.3)
    sass (3.2.10)
    thor (0.18.1)

PLATFORMS
  ruby

DEPENDENCIES
  compass (= 0.13.alpha.4)
  foreman
  sass
